PATH
  remote: .
  specs:
    sinatra-index (0.0.3)
      sinatra

GEM
  remote: https://rubygems.org/
  specs:
    power_assert (0.2.3)
    rack (1.6.0)
    rack-protection (1.5.3)
      rack
    rack-test (0.6.3)
      rack (>= 1.0)
    rake (10.4.2)
    sinatra (1.4.6)
      rack (~> 1.4)
      rack-protection (~> 1.4)
      tilt (>= 1.3, < 3)
    test-unit (3.0.9)
      power_assert
    tilt (1.4.1)

PLATFORMS
  ruby

DEPENDENCIES
  rack-test
  rake
  sinatra-index!
  test-unit
